GEM
  remote: https://rubygems.org/
  specs:
    exif (2.2.0)
    exifr (1.3.5)

PLATFORMS
  ruby

DEPENDENCIES
  exif
  exifr

BUNDLED WITH
   1.16.6
